GEM
  remote: https://rubygems.org/
  specs:
    holidays (5.2.0)

PLATFORMS
  ruby

DEPENDENCIES
  holidays

BUNDLED WITH
   1.13.6
